NUGET
  remote: http://api.nuget.org/v3/index.json
    Accordion (1.0)
    AvalonEdit (5.0.3)
    DotNet.Contracts (1.10.20606.1)
    DotParser (1.0.5)
      FSharp.Core
      FSharpx.Collections.Experimental
    FSharp.Core (4.0.0.1)
    FSharpx.Collections (1.15.1)
      FSharp.Core
    FSharpx.Collections.Experimental (1.15.1)
      FSharp.Core
      FSharpx.Collections (>= 1.15.1)
    NuGet.CommandLine (3.4.3)
    YAXLib (2.14)
    YC.QuickGraph (3.7.1)
      DotNet.Contracts
      DotParser (>= 1.0.5)
      FSharp.Core
